GEM
  remote: https://rubygems.org/
  specs:
    addressable (2.8.1)
      public_suffix (>= 2.0.2, < 6.0)
    buff-config (2.0.0)
      buff-extensions (~> 2.0)
      varia_model (~> 0.6)
    buff-extensions (2.0.0)
    buff-ignore (1.2.0)
    buff-ruby_engine (1.0.0)
    buff-shell_out (1.1.0)
      buff-ruby_engine (~> 1.0)
    celluloid (0.16.0)
      timers (~> 4.0.0)
    celluloid-io (0.16.2)
      celluloid (>= 0.16.0)
      nio4r (>= 1.1.0)
    chef-config (18.1.0)
      addressable
      chef-utils (= 18.1.0)
      fuzzyurl
      mixlib-config (>= 2.2.12, < 4.0)
      mixlib-shellout (>= 2.0, < 4.0)
      tomlrb (~> 1.2)
    chef-utils (18.1.0)
      concurrent-ruby
    concurrent-ruby (1.1.7)
    domain_name (0.5.20170404)
      unf (>= 0.0.5, < 1.0.0)
    erubis (2.7.0)
    execjs (2.7.0)
    faraday (0.17.6)
      multipart-post (>= 1.2, < 3)
    ffi (1.13.1)
    fuzzyurl (0.9.0)
    git (1.13.1)
      addressable (~> 2.8)
      rchardet (~> 1.8)
    hashie (3.6.0)
    hitimes (2.0.0)
    http-cookie (1.0.3)
      domain_name (~> 0.5)
    httpclient (2.8.3)
    json (2.6.3)
    mime-types (3.1)
      mime-types-data (~> 3.2015)
    mime-types-data (3.2016.0521)
    minimart (1.2.4)
      git (~> 1.3)
      minitar (~> 0.5)
      octokit (~> 4.3)
      redcarpet (~> 3.4)
      rest-client (~> 2.0)
      ridley (~> 5.1)
      sass (~> 3.4)
      solve (~> 3.1)
      sprockets (~> 3.5)
      thor (~> 0.19)
      tilt (~> 2.0)
      uglifier (~> 3.0)
    minitar (0.6.1)
    mixlib-authentication (3.0.10)
    mixlib-config (3.0.27)
      tomlrb
    mixlib-shellout (3.2.7)
      chef-utils
    molinillo (0.6.1)
    multipart-post (2.2.3)
    netrc (0.11.0)
    nio4r (2.5.8)
    octokit (4.7.0)
      sawyer (~> 0.8.0, >= 0.5.3)
    public_suffix (5.0.1)
    rack (2.2.3)
    rb-fsevent (0.10.2)
    rb-inotify (0.9.10)
      ffi (>= 0.5.0, < 2)
    rchardet (1.8.0)
    redcarpet (3.4.0)
    rest-client (2.0.2)
      http-cookie (>= 1.0.2, < 2.0)
      mime-types (>= 1.16, < 4.0)
      netrc (~> 0.8)
    retryable (2.0.4)
    ridley (5.1.1)
      addressable
      buff-config (~> 2.0)
      buff-extensions (~> 2.0)
      buff-ignore (~> 1.2)
      buff-shell_out (~> 1.0)
      celluloid (~> 0.16.0)
      celluloid-io (~> 0.16.1)
      chef-config (>= 12.5.0)
      erubis
      faraday (~> 0.9)
      hashie (>= 2.0.2, < 4.0.0)
      httpclient (~> 2.7)
      json (>= 1.7.7)
      mixlib-authentication (>= 1.3.0)
      retryable (~> 2.0)
      semverse (~> 2.0)
      varia_model (~> 0.6)
    sass (3.5.1)
      sass-listen (~> 4.0.0)
    sass-listen (4.0.0)
      rb-fsevent (~> 0.9, >= 0.9.4)
      rb-inotify (~> 0.9, >= 0.9.7)
    sawyer (0.8.2)
      addressable (>= 2.3.5)
      faraday (> 0.8, < 2.0)
    semverse (2.0.0)
    solve (3.1.1)
      molinillo (>= 0.5)
      semverse (>= 1.1, < 3.0)
    sprockets (3.7.2)
      concurrent-ruby (~> 1.0)
      rack (> 1, < 3)
    thor (0.19.4)
    tilt (2.0.8)
    timers (4.0.4)
      hitimes
    tomlrb (1.3.0)
    uglifier (3.2.0)
      execjs (>= 0.3.0, < 3)
    unf (0.1.4)
      unf_ext
    unf_ext (0.0.7.4)
    varia_model (0.6.0)
      buff-extensions (~> 2.0)
      hashie (>= 2.0.2, < 4.0.0)

PLATFORMS
  ruby

DEPENDENCIES
  minimart (~> 1.2)
  octokit (~> 4.0)

BUNDLED WITH
   1.15.3
